{
    "Modality": "MR", 
    "MagneticFieldStrength": 3, 
    "ImagingFrequency": 127.733, 
    "Manufacturer": "Philips", 
    "ManufacturersModelName": "Achieva", 
    "InstitutionName": "Az.Osp._Udine", 
    "InstitutionalDepartmentName": "Radiologia", 
    "DeviceSerialNumber": "34072", 
    "StationName": "PHILIPS-K5NT78B", 
    "BodyPartExamined": "BRAIN", 
    "PatientPosition": "HFS", 
    "SoftwareVersions": "5.3.1_5.3.1.2", 
    "MRAcquisitionType": "2D", 
    "SeriesDescription": "SOCIAL_4run", 
    "ProtocolName": "SOCIAL_4run", 
    "ScanningSequence": "GR", 
    "SequenceVariant": "SK", 
    "ScanOptions": "FS", 
    "ImageType": [
        "ORIGINAL", 
        "PRIMARY", 
        "M", 
        "FFE", 
        "M", 
        "FFE"
    ], 
    "SeriesNumber": 1101, 
    "AcquisitionTime": "15:49:9.080000", 
    "AcquisitionNumber": 11, 
    "PhilipsRescaleSlope": 0.790476, 
    "PhilipsRescaleIntercept": 0, 
    "PhilipsScaleSlope": 0.00154958, 
    "UsePhilipsFloatNotDisplayScaling": 1, 
    "SliceThickness": 3, 
    "SpacingBetweenSlices": 3, 
    "EchoTime": 0.030001, 
    "RepetitionTime": 2, 
    "FlipAngle": 82, 
    "CoilString": "SENSE_HEAD_8", 
    "PartialFourier": 0.4875, 
    "PercentPhaseFOV": 100, 
    "EchoTrainLength": 39, 
    "PhaseEncodingSteps": 80, 
    "AcquisitionMatrixPE": 80, 
    "ReconMatrixPE": 80, 
    "PixelBandwidth": 3608.02, 
    "PhaseEncodingAxis": "j", 
    "ImageOrientationPatientDICOM": [
        0.99898, 
        0.0254585, 
        0.0372908, 
        -0.0217672, 
        0.995119, 
        -0.0962481
    ], 
    "InPlanePhaseEncodingDirectionDICOM": "COL", 
    "ConversionSoftware": "dcm2niix", 
    "ConversionSoftwareVersion": "v1.0.20181125  Clang9.0.0", 
    "Dcm2bidsVersion": "2.1.4", 
    "TaskName": "ANIM", 
    "PhaseEncodingDirection": "j", 
    "EffectiveEchoSpacing": 0.0002777, 
    "TotalReadoutTime": 0.0219394, 
    "SliceTiming": [
        0.0, 
        0.378378, 
        0.702703, 
        1.027027, 
        1.351351, 
        1.675676, 
        0.054054, 
        0.432432, 
        0.756757, 
        1.081081, 
        1.405405, 
        1.72973, 
        0.108108, 
        0.486486, 
        0.810811, 
        1.135135, 
        1.459459, 
        1.783784, 
        0.162162, 
        0.540541, 
        0.864865, 
        1.189189, 
        1.513514, 
        1.837838, 
        0.216216, 
        0.594595, 
        0.918919, 
        1.243243, 
        1.567568, 
        1.891892, 
        0.27027, 
        0.648649, 
        0.972973, 
        1.297297, 
        1.621622, 
        1.945946, 
        0.324324
    ]
}