{
    "Modality": "MR", 
    "MagneticFieldStrength": 3, 
    "ImagingFrequency": 127.733, 
    "Manufacturer": "Philips", 
    "ManufacturersModelName": "Achieva", 
    "InstitutionName": "Az.Osp._Udine", 
    "InstitutionalDepartmentName": "Radiologia", 
    "DeviceSerialNumber": "34072", 
    "StationName": "PHILIPS-K5NT78B", 
    "BodyPartExamined": "BRAIN", 
    "PatientPosition": "HFS", 
    "SoftwareVersions": "5.3.1_5.3.1.2", 
    "MRAcquisitionType": "3D", 
    "SeriesDescription": "T1W_3D_VBM", 
    "ProtocolName": "T1W_3D_VBM", 
    "ScanningSequence": "GR", 
    "SequenceVariant": "MP", 
    "ScanOptions": "OTHER", 
    "ImageType": [
        "ORIGINAL", 
        "PRIMARY", 
        "M", 
        "FFE", 
        "M", 
        "FFE"
    ], 
    "SeriesNumber": 201, 
    "AcquisitionTime": "15:01:5.060000", 
    "AcquisitionNumber": 2, 
    "PhilipsRescaleSlope": 2.74457, 
    "PhilipsRescaleIntercept": 0, 
    "PhilipsScaleSlope": 0.000257683, 
    "UsePhilipsFloatNotDisplayScaling": 1, 
    "SliceThickness": 1, 
    "SpacingBetweenSlices": 1, 
    "EchoTime": 0.003723, 
    "RepetitionTime": 0.0081221, 
    "FlipAngle": 12, 
    "CoilString": "SENSE_HEAD_8", 
    "PercentPhaseFOV": 100, 
    "EchoTrainLength": 240, 
    "PhaseEncodingSteps": 240, 
    "AcquisitionMatrixPE": 240, 
    "ReconMatrixPE": 256, 
    "PixelBandwidth": 191.38, 
    "ImageOrientationPatientDICOM": [
        -0.00336391, 
        0.99999, 
        0.00299078, 
        0.0488641, 
        0.0031516, 
        -0.9988
    ], 
    "InPlanePhaseEncodingDirectionDICOM": "ROW", 
    "ConversionSoftware": "dcm2niix", 
    "ConversionSoftwareVersion": "v1.0.20181125  Clang9.0.0", 
    "Dcm2bidsVersion": "2.1.4"
}