{
    "Modality": "MR",
    "MagneticFieldStrength": 3,
    "ImagingFrequency": 127.735,
    "Manufacturer": "Philips",
    "ManufacturersModelName": "Achieva",
    "InstitutionName": "Az.Osp._Udine",
    "InstitutionalDepartmentName": "Radiologia",
    "DeviceSerialNumber": "34072",
    "StationName": "PHILIPS-K5NT78B",
    "BodyPartExamined": "BRAIN",
    "PatientPosition": "HFS",
    "SoftwareVersions": "5.3.1_5.3.1.1",
    "MRAcquisitionType": "2D",
    "SeriesDescription": "SE_EPI_A",
    "ProtocolName": "SE_EPI_A",
    "ScanningSequence": "SE",
    "SequenceVariant": "SK",
    "ScanOptions": "FS",
    "ImageType": [
        "ORIGINAL",
        "PRIMARY",
        "M",
        "SE",
        "M",
        "SE"
    ],
    "SeriesNumber": 1701,
    "AcquisitionTime": "11:19:42.980000",
    "AcquisitionNumber": 17,
    "PhilipsRescaleSlope": 1.67375,
    "PhilipsRescaleIntercept": 0,
    "PhilipsScaleSlope": 0.000418605,
    "UsePhilipsFloatNotDisplayScaling": 1,
    "SliceThickness": 3,
    "SpacingBetweenSlices": 3,
    "EchoTime": 0.05,
    "RepetitionTime": 5,
    "FlipAngle": 90,
    "CoilString": "SENSE_HEAD_8",
    "PartialFourier": 0.4875,
    "PercentPhaseFOV": 100,
    "EchoTrainLength": 39,
    "PhaseEncodingSteps": 80,
    "AcquisitionMatrixPE": 80,
    "ReconMatrixPE": 80,
    "PixelBandwidth": 3623.1,
    "PhaseEncodingAxis": "j",
    "ImageOrientationPatientDICOM": [
        0.999341,
        0.00292665,
        0.0361685,
        -0.00303132,
        0.999991,
        0.00283941
    ],
    "InPlanePhaseEncodingDirectionDICOM": "COL",
    "ConversionSoftware": "dcm2niix",
    "ConversionSoftwareVersion": "v1.0.20190410  Clang4.0.1",
    "Dcm2bidsVersion": "2.1.4",
    "IntendedFor": [
        "func/sub-01_task-anim_run-001_bold.nii.gz",
        "func/sub-01_task-anim_run-002_bold.nii.gz",
        "func/sub-01_task-anim_run-003_bold.nii.gz",
        "func/sub-01_task-anim_run-004_bold.nii.gz"
    ],
    "PhaseEncodingDirection": "j-",
    "TotalReadoutTime": 0.016195,
    "EffectiveEchoSpacing": 0.000205
}
