{
    "Modality": "MR", 
    "MagneticFieldStrength": 3, 
    "ImagingFrequency": 127.734, 
    "Manufacturer": "Philips", 
    "ManufacturersModelName": "Achieva", 
    "InstitutionName": "Az.Osp._Udine", 
    "InstitutionalDepartmentName": "Radiologia", 
    "DeviceSerialNumber": "34072", 
    "StationName": "PHILIPS-K5NT78B", 
    "BodyPartExamined": "BRAIN", 
    "PatientPosition": "HFS", 
    "SoftwareVersions": "5.3.1_5.3.1.2", 
    "MRAcquisitionType": "2D", 
    "SeriesDescription": "SE_EPI_A", 
    "ProtocolName": "SE_EPI_A", 
    "ScanningSequence": "SE", 
    "SequenceVariant": "SK", 
    "ScanOptions": "FS", 
    "ImageType": [
        "ORIGINAL", 
        "PRIMARY", 
        "M", 
        "SE", 
        "M", 
        "SE"
    ], 
    "SeriesNumber": 1301, 
    "AcquisitionTime": "16:28:35.710000", 
    "AcquisitionNumber": 13, 
    "PhilipsRescaleSlope": 1.40952, 
    "PhilipsRescaleIntercept": 0, 
    "PhilipsScaleSlope": 0.000887243, 
    "UsePhilipsFloatNotDisplayScaling": 1, 
    "SliceThickness": 3, 
    "SpacingBetweenSlices": 3, 
    "EchoTime": 0.05, 
    "RepetitionTime": 5, 
    "FlipAngle": 90, 
    "CoilString": "SENSE_HEAD_8", 
    "PartialFourier": 0.4875, 
    "PercentPhaseFOV": 100, 
    "EchoTrainLength": 39, 
    "PhaseEncodingSteps": 80, 
    "AcquisitionMatrixPE": 80, 
    "ReconMatrixPE": 80, 
    "PixelBandwidth": 3615.62, 
    "PhaseEncodingAxis": "j", 
    "ImageOrientationPatientDICOM": [
        0.993685, 
        0.106074, 
        0.0365805, 
        -0.110173, 
        0.984146, 
        0.138991
    ], 
    "InPlanePhaseEncodingDirectionDICOM": "COL", 
    "ConversionSoftware": "dcm2niix", 
    "ConversionSoftwareVersion": "v1.0.20181125  Clang9.0.0", 
    "Dcm2bidsVersion": "2.1.4", 
    "IntendedFor": [
        "func/sub-33_task-anim_run-002_bold.nii.gz", 
        "func/sub-33_task-anim_run-003_bold.nii.gz", 
        "func/sub-33_task-anim_run-001_bold.nii.gz", 
        "func/sub-33_task-anim_run-004_bold.nii.gz"
    ], 
    "PhaseEncodingDirection": "j-", 
    "TotalReadoutTime": 0.016195, 
    "EffectiveEchoSpacing": 0.000205
}
