{
    "Modality": "MR", 
    "MagneticFieldStrength": 3, 
    "ImagingFrequency": 127.734, 
    "Manufacturer": "Philips", 
    "ManufacturersModelName": "Achieva", 
    "InstitutionName": "Az.Osp._Udine", 
    "InstitutionalDepartmentName": "Radiologia", 
    "DeviceSerialNumber": "34072", 
    "StationName": "PHILIPS-K5NT78B", 
    "BodyPartExamined": "BRAIN", 
    "PatientPosition": "HFS", 
    "SoftwareVersions": "5.3.1_5.3.1.2", 
    "MRAcquisitionType": "3D", 
    "SeriesDescription": "T1W_3D_VBM", 
    "ProtocolName": "T1W_3D_VBM", 
    "ScanningSequence": "GR", 
    "SequenceVariant": "MP", 
    "ScanOptions": "OTHER", 
    "ImageType": [
        "ORIGINAL", 
        "PRIMARY", 
        "M", 
        "FFE", 
        "M", 
        "FFE"
    ], 
    "SeriesNumber": 201, 
    "AcquisitionTime": "15:06:58.680000", 
    "AcquisitionNumber": 2, 
    "PhilipsRescaleSlope": 2.45153, 
    "PhilipsRescaleIntercept": 0, 
    "PhilipsScaleSlope": 0.000376088, 
    "UsePhilipsFloatNotDisplayScaling": 1, 
    "SliceThickness": 1, 
    "SpacingBetweenSlices": 1, 
    "EchoTime": 0.003691, 
    "RepetitionTime": 0.0080637, 
    "FlipAngle": 12, 
    "CoilString": "SENSE_HEAD_8", 
    "PercentPhaseFOV": 100, 
    "EchoTrainLength": 240, 
    "PhaseEncodingSteps": 240, 
    "AcquisitionMatrixPE": 240, 
    "ReconMatrixPE": 256, 
    "PixelBandwidth": 191.38, 
    "ImageOrientationPatientDICOM": [
        -0.00820982, 
        0.999965, 
        0.00153901, 
        0.00331224, 
        0.00156624, 
        -0.999993
    ], 
    "InPlanePhaseEncodingDirectionDICOM": "ROW", 
    "ConversionSoftware": "dcm2niix", 
    "ConversionSoftwareVersion": "v1.0.20181125  Clang9.0.0", 
    "Dcm2bidsVersion": "2.1.4"
}