{
    "Modality": "MR",
    "MagneticFieldStrength": 3,
    "ImagingFrequency": 127.734,
    "Manufacturer": "Philips",
    "ManufacturersModelName": "Achieva",
    "InstitutionName": "Az.Osp._Udine",
    "InstitutionalDepartmentName": "Radiologia",
    "DeviceSerialNumber": "34072",
    "StationName": "PHILIPS-K5NT78B",
    "BodyPartExamined": "BRAIN",
    "PatientPosition": "HFS",
    "SoftwareVersions": "5.3.1_5.3.1.2",
    "MRAcquisitionType": "3D",
    "SeriesDescription": "T1W_3D_VBM",
    "ProtocolName": "T1W_3D_VBM",
    "ScanningSequence": "GR",
    "SequenceVariant": "MP",
    "ScanOptions": "OTHER",
    "ImageType": [
        "ORIGINAL",
        "PRIMARY",
        "M",
        "FFE",
        "M",
        "FFE"
    ],
    "SeriesNumber": 201,
    "AcquisitionTime": "17:12:15.010000",
    "AcquisitionNumber": 2,
    "PhilipsRescaleSlope": 2.79609,
    "PhilipsRescaleIntercept": 0,
    "PhilipsScaleSlope": 0.000252757,
    "UsePhilipsFloatNotDisplayScaling": 1,
    "SliceThickness": 1,
    "SpacingBetweenSlices": 1,
    "EchoTime": 0.00378,
    "RepetitionTime": 0.0082282,
    "FlipAngle": 12,
    "CoilString": "SENSE_HEAD_8",
    "PercentPhaseFOV": 100,
    "EchoTrainLength": 240,
    "PhaseEncodingSteps": 240,
    "AcquisitionMatrixPE": 240,
    "ReconMatrixPE": 256,
    "PixelBandwidth": 191.38,
    "ImageOrientationPatientDICOM": [
        -0.00494074,
        0.999983,
        0.00298121,
        0.13502,
        0.00362106,
        -0.990836
    ],
    "InPlanePhaseEncodingDirectionDICOM": "ROW",
    "ConversionSoftware": "dcm2niix",
    "ConversionSoftwareVersion": "v1.0.20190410  Clang4.0.1",
    "Dcm2bidsVersion": "2.1.4"
}